GEM
  remote: https://rubygems.org/
  specs:
    sorbet-runtime (0.5.11104)

PLATFORMS
  arm64-darwin-22
  arm64-darwin-23

DEPENDENCIES
  sorbet-runtime (~> 0.5.11104)

BUNDLED WITH
   2.5.6
